GEM
  remote: https://rubygems.org/
  specs:
    addressable (2.5.2)
      public_suffix (>= 2.0.2, < 4.0)
    aws-sdk (2.10.97)
      aws-sdk-resources (= 2.10.97)
    aws-sdk-core (2.10.97)
      aws-sigv4 (~> 1.0)
      jmespath (~> 1.0)
    aws-sdk-resources (2.10.97)
      aws-sdk-core (= 2.10.97)
    aws-sigv4 (1.0.2)
    coderay (1.1.2)
    foreman (0.84.0)
      thor (~> 0.19.1)
    jmespath (1.3.1)
    json (2.1.0)
    launchy (2.4.3)
      addressable (~> 2.3)
    method_source (0.9.0)
    mini_portile2 (2.3.0)
    nokogiri (1.8.1)
      mini_portile2 (~> 2.3.0)
    openweather2 (0.1.8)
      json
    pry (0.11.3)
      coderay (~> 1.1.0)
      method_source (~> 0.9.0)
    public_suffix (3.0.1)
    thor (0.19.4)

PLATFORMS
  ruby

DEPENDENCIES
  aws-sdk (~> 2)
  foreman
  launchy
  nokogiri (~> 1.6)
  openweather2
  pry

RUBY VERSION
   ruby 2.4.1p111

BUNDLED WITH
   1.16.0
