GEM
  remote: https://rubygems.org/
  specs:
    aws-sdk (2.10.97)
      aws-sdk-resources (= 2.10.97)
    aws-sdk-core (2.10.97)
      aws-sigv4 (~> 1.0)
      jmespath (~> 1.0)
    aws-sdk-resources (2.10.97)
      aws-sdk-core (= 2.10.97)
    aws-sigv4 (1.0.2)
    foreman (0.84.0)
      thor (~> 0.19.1)
    jmespath (1.3.1)
    json (2.1.0)
    mini_portile2 (2.3.0)
    nokogiri (1.8.1)
      mini_portile2 (~> 2.3.0)
    openweather2 (0.1.8)
      json
    thor (0.19.4)

PLATFORMS
  ruby

DEPENDENCIES
  aws-sdk (~> 2)
  foreman
  nokogiri (~> 1.6)
  openweather2

RUBY VERSION
   ruby 2.4.1p111

BUNDLED WITH
   1.16.0
